PATH
  remote: .
  specs:
    wavefront-opentracing-sdk (0.1.0)
      concurrent-ruby (~> 1.1.4)
      opentracing (~> 0.5.0)

GEM
  remote: https://rubygems.org/
  specs:
    ansi (1.5.0)
    bump (0.7.0)
    concurrent-ruby (1.1.4)
    diff-lcs (1.3)
    docile (1.3.1)
    hirb (0.7.3)
    json (2.1.0)
    minitest (5.11.3)
    opentracing (0.5.0)
    rack (2.0.6)
    rake (11.3.0)
    rspec (3.8.0)
      rspec-core (~> 3.8.0)
      rspec-expectations (~> 3.8.0)
      rspec-mocks (~> 3.8.0)
    rspec-core (3.8.0)
      rspec-support (~> 3.8.0)
    rspec-expectations (3.8.2)
      diff-lcs (>= 1.2.0, < 2.0)
      rspec-support (~> 3.8.0)
    rspec-mocks (3.8.0)
      diff-lcs (>= 1.2.0, < 2.0)
      rspec-support (~> 3.8.0)
    rspec-support (3.8.0)
    simplecov (0.16.1)
      docile (~> 1.1)
      json (>= 1.8, < 3)
      simplecov-html (~> 0.10.0)
    simplecov-console (0.4.2)
      ansi
      hirb
      simplecov
    simplecov-html (0.10.2)
    timecop (0.8.1)

PLATFORMS
  ruby

DEPENDENCIES
  bump (~> 0.5)
  minitest (~> 5.0)
  rack (~> 2.0)
  rake (~> 11.3)
  rspec (~> 3.0)
  simplecov (~> 0.16)
  simplecov-console (~> 0.4.2)
  timecop (~> 0.8.0)
  wavefront-opentracing-sdk!

BUNDLED WITH
   2.0.1
